PATH
  remote: ../rulers.rr
  specs:
    rulers (5.0.0)
      erubis
      rack

GEM
  remote: https://rubygems.org/
  specs:
    erubis (2.7.0)
    rack (2.0.1)

PLATFORMS
  ruby

DEPENDENCIES
  rulers (~> 5)!

BUNDLED WITH
   1.14.4
