PATH
  remote: ../rulers.rr
  specs:
    rulers (4.0.0)
      rack

GEM
  remote: https://rubygems.org/
  specs:
    rack (2.0.1)

PLATFORMS
  ruby

DEPENDENCIES
  rulers (~> 4)!

BUNDLED WITH
   1.14.4
