PATH
  remote: ../rulers.rr
  specs:
    rulers (7.2.0)
      erubis
      multi_json
      rack
      sqlite3

GEM
  remote: https://rubygems.org/
  specs:
    erubis (2.7.0)
    multi_json (1.12.1)
    rack (2.0.1)
    sqlite3 (1.3.13)

PLATFORMS
  ruby

DEPENDENCIES
  rulers (~> 7)!

BUNDLED WITH
   1.14.4
